GEM
  remote: http://rubygems.org/
  specs:
    activesupport (3.1.3)
      multi_json (~> 1.0)
    bluecloth (2.2.0)
    git (1.2.5)
    i18n (0.6.0)
    jeweler (1.6.4)
      bundler (~> 1.0)
      git (>= 1.2.5)
      rake
    minitest (2.9.0)
    multi_json (1.0.4)
    rack (1.3.5)
    rack-test (0.6.1)
      rack (>= 1.0)
    rake (0.9.2.2)
    rcov (0.9.11)
    reek (1.2.8)
      ruby2ruby (~> 1.2)
      ruby_parser (~> 2.0)
      sexp_processor (~> 3.0)
    ruby2ruby (1.3.1)
      ruby_parser (~> 2.0)
      sexp_processor (~> 3.0)
    ruby_parser (2.3.1)
      sexp_processor (~> 3.0)
    sexp_processor (3.0.9)
    yard (0.6.8)

PLATFORMS
  ruby

DEPENDENCIES
  activesupport (>= 3.0)
  bluecloth
  bundler (~> 1.0.0)
  i18n
  jeweler (~> 1.6.4)
  minitest
  rack-test
  rcov
  reek (~> 1.2.8)
  yard (~> 0.6.0)
